{
  "Modality": "MR",
  "MagneticFieldStrength": 3,
  "ImagingFrequency": 123.261,
  "Manufacturer": "Siemens",
  "ManufacturersModelName": "Prisma_fit",
  "InstitutionName": "NU_Tarpon",
  "InstitutionalDepartmentName": "RESEARCH",
  "InstitutionAddress": "ST._CLAIR_715_CHICAGO_CHICAGO_US_60611",
  "DeviceSerialNumber": "167018",
  "StationName": "MRC35013",
  "BodyPartExamined": "BRAIN",
  "PatientPosition": "HFS",
  "ProcedureStepDescription": "BRIGHT_PILOTS",
  "SoftwareVersions": "syngo_MR_E11",
  "MRAcquisitionType": "2D",
  "SeriesDescription": "Motor_144mm_2000TR_MB4_ME5_2slice_SBRef",
  "ProtocolName": "Motor_144mm_2000TR_MB4_ME5_2slice",
  "ScanningSequence": "EP",
  "SequenceVariant": "SK_SS",
  "ScanOptions": "PFP_FS_EXT",
  "SequenceName": "epfid2d5_84",
  "ImageType": [
    "ORIGINAL",
    "PRIMARY",
    "M",
    "TE1",
    "ND",
    "NORM",
    "MOSAIC"
  ],
  "SeriesNumber": 5,
  "AcquisitionTime": "10:19:10.922500",
  "AcquisitionNumber": 1,
  "ImageComments": "Single-band_reference_SENSE1",
  "SliceThickness": 2,
  "SpacingBetweenSlices": 2,
  "SAR": 0.065704,
  "EchoNumber": 1,
  "EchoTime": 0.0108,
  "RepetitionTime": 2,
  "FlipAngle": 70,
  "PartialFourier": 0.75,
  "BaseResolution": 84,
  "ShimSetting": [
    857,
    -7244,
    -4791,
    497,
    108,
    -426,
    -87,
    -108
  ],
  "TxRefAmp": 213.549,
  "PhaseResolution": 1,
  "ReceiveCoilName": "HeadNeck_64",
  "ReceiveCoilActiveElements": "HC1-7;NC1,2",
  "CoilString": "HC1-7;NC1_2",
  "PulseSequenceDetails": "%CustomerSeq%_cmrr_mbep2d_bold",
  "WipMemBlock": "8cb16033-5638-46eb-b05c-2d9fb476e6ce||Sequence: R016 ve11c/master r/e634e98; Dec 19 2017 11:00:25 by eja",
  "ConsistencyInfo": "N4_VE11C_LATEST_20160120",
  "PercentPhaseFOV": 100,
  "EchoTrainLength": 31,
  "PhaseEncodingSteps": 62,
  "AcquisitionMatrixPE": 84,
  "ReconMatrixPE": 84,
  "BandwidthPerPixelPhaseEncode": 45.788,
  "ParallelReductionFactorInPlane": 2,
  "EffectiveEchoSpacing": 0.000259997,
  "DerivedVendorReportedEchoSpacing": 0.000519995,
  "TotalReadoutTime": 0.0215798,
  "PixelBandwidth": 2480,
  "DwellTime": 2.4e-06,
  "PhaseEncodingDirection": "j-",
  "SliceTiming": [
    0,
    0.11,
    0.22,
    0.33,
    0.44,
    0.55,
    0.66,
    0.77,
    0.88,
    0.99,
    1.1,
    1.21,
    1.32,
    1.43,
    1.54,
    1.65,
    1.76,
    1.87,
    1.98,
    2.09,
    2.2,
    2.31,
    2.42,
    2.53,
    2.64,
    2.75,
    2.86,
    2.97,
    3.08,
    3.19,
    3.3,
    3.41,
    3.52,
    3.63,
    3.74,
    3.85,
    3.96,
    4.07,
    4.18,
    4.29,
    4.4,
    4.51,
    4.62,
    4.73,
    4.84,
    4.95,
    5.06,
    5.17,
    5.28,
    5.39,
    5.5,
    5.61,
    5.72,
    5.83,
    5.94,
    6.05,
    6.1575,
    6.2675,
    6.3775,
    6.4875,
    6.5975,
    6.7075,
    6.8175,
    6.9275,
    7.0375,
    7.1475,
    7.2575,
    7.3675,
    7.4775,
    7.5875,
    7.6975,
    7.8075
  ],
  "ImageOrientationPatientDICOM": [
    0.998915,
    -0.0449109,
    0.0123422,
    0.0453605,
    0.998211,
    -0.0389446
  ],
  "InPlanePhaseEncodingDirectionDICOM": "COL",
  "ConversionSoftware": "dcm2niix",
  "ConversionSoftwareVersion": "v1.0.20181125  Clang8.1.0",
  "TaskName": "hand grasp"
}
