{
  "Modality": "MR",
  "MagneticFieldStrength": 3,
  "ImagingFrequency": 123.261,
  "Manufacturer": "Siemens",
  "ManufacturersModelName": "Prisma_fit",
  "InstitutionName": "NU_Tarpon",
  "InstitutionalDepartmentName": "RESEARCH",
  "InstitutionAddress": "ST._CLAIR_715_CHICAGO_CHICAGO_US_60611",
  "DeviceSerialNumber": "167018",
  "StationName": "MRC35013",
  "BodyPartExamined": "BRAIN",
  "PatientPosition": "HFS",
  "ProcedureStepDescription": "BRIGHT_PILOTS",
  "SoftwareVersions": "syngo_MR_E11",
  "MRAcquisitionType": "2D",
  "SeriesDescription": "Motor_144mm_2000TR_MB4_ME5_2slice",
  "ProtocolName": "Motor_144mm_2000TR_MB4_ME5_2slice",
  "ScanningSequence": "EP",
  "SequenceVariant": "SK_SS",
  "ScanOptions": "PFP_FS_EXT",
  "SequenceName": "epfid2d5_84",
  "ImageType": [
    "ORIGINAL",
    "PRIMARY",
    "M",
    "MB",
    "TE3",
    "ND",
    "NORM",
    "MOSAIC"
  ],
  "SeriesNumber": 6,
  "AcquisitionTime": "10:19:22.957500",
  "AcquisitionNumber": 1,
  "ImageComments": "Unaliased_MB4_PE4_LB_SENSE1",
  "SliceThickness": 2,
  "SpacingBetweenSlices": 2,
  "SAR": 0.065704,
  "EchoNumber": 3,
  "EchoTime": 0.04526,
  "RepetitionTime": 2,
  "FlipAngle": 70,
  "PartialFourier": 0.75,
  "BaseResolution": 84,
  "ShimSetting": [
    857,
    -7244,
    -4791,
    497,
    108,
    -426,
    -87,
    -108
  ],
  "TxRefAmp": 213.549,
  "PhaseResolution": 1,
  "ReceiveCoilName": "HeadNeck_64",
  "ReceiveCoilActiveElements": "HC1-7;NC1,2",
  "CoilString": "HC1-7;NC1_2",
  "PulseSequenceDetails": "%CustomerSeq%_cmrr_mbep2d_bold",
  "WipMemBlock": "8cb16033-5638-46eb-b05c-2d9fb476e6ce||Sequence: R016 ve11c/master r/e634e98; Dec 19 2017 11:00:25 by eja",
  "ConsistencyInfo": "N4_VE11C_LATEST_20160120",
  "MultibandAccelerationFactor": 4,
  "PercentPhaseFOV": 100,
  "EchoTrainLength": 31,
  "PhaseEncodingSteps": 62,
  "AcquisitionMatrixPE": 84,
  "ReconMatrixPE": 84,
  "BandwidthPerPixelPhaseEncode": 45.788,
  "ParallelReductionFactorInPlane": 2,
  "EffectiveEchoSpacing": 0.000259997,
  "DerivedVendorReportedEchoSpacing": 0.000519995,
  "TotalReadoutTime": 0.0215798,
  "PixelBandwidth": 2480,
  "DwellTime": 2.4e-06,
  "PhaseEncodingDirection": "j-",
  "SliceTiming": [
    0,
    1.4275,
    0.8775,
    0.3275,
    1.7575,
    1.2075,
    0.6575,
    0.11,
    1.5375,
    0.9875,
    0.4375,
    1.8675,
    1.3175,
    0.7675,
    0.2175,
    1.6475,
    1.0975,
    0.5475,
    0,
    1.4275,
    0.8775,
    0.3275,
    1.7575,
    1.2075,
    0.6575,
    0.11,
    1.5375,
    0.9875,
    0.4375,
    1.8675,
    1.3175,
    0.7675,
    0.2175,
    1.6475,
    1.0975,
    0.5475,
    0,
    1.4275,
    0.8775,
    0.3275,
    1.7575,
    1.2075,
    0.6575,
    0.11,
    1.5375,
    0.9875,
    0.4375,
    1.8675,
    1.3175,
    0.7675,
    0.2175,
    1.6475,
    1.0975,
    0.5475,
    0,
    1.4275,
    0.8775,
    0.3275,
    1.7575,
    1.2075,
    0.6575,
    0.11,
    1.5375,
    0.9875,
    0.4375,
    1.8675,
    1.3175,
    0.7675,
    0.2175,
    1.6475,
    1.0975,
    0.5475
  ],
  "ImageOrientationPatientDICOM": [
    0.998915,
    -0.0449109,
    0.0123422,
    0.0453605,
    0.998211,
    -0.0389446
  ],
  "InPlanePhaseEncodingDirectionDICOM": "COL",
  "ConversionSoftware": "dcm2niix",
  "ConversionSoftwareVersion": "v1.0.20181125  Clang8.1.0",
  "TaskName": "hand grasp"
}
