{
  "Modality": "MR",
  "MagneticFieldStrength": 3,
  "ImagingFrequency": 123.261,
  "Manufacturer": "Siemens",
  "ManufacturersModelName": "Prisma_fit",
  "InstitutionName": "NU_Tarpon",
  "InstitutionalDepartmentName": "RESEARCH",
  "InstitutionAddress": "ST._CLAIR_715_CHICAGO_CHICAGO_US_60611",
  "DeviceSerialNumber": "167018",
  "StationName": "MRC35013",
  "BodyPartExamined": "BRAIN",
  "PatientPosition": "HFS",
  "ProcedureStepDescription": "BRIGHT_PILOTS",
  "SoftwareVersions": "syngo_MR_E11",
  "MRAcquisitionType": "2D",
  "SeriesDescription": "Motor_144mm_2000TR_MB4_ME5_2slice_SBRef",
  "ProtocolName": "Motor_144mm_2000TR_MB4_ME5_2slice",
  "ScanningSequence": "EP",
  "SequenceVariant": "SK_SS",
  "ScanOptions": "PFP_FS_EXT",
  "SequenceName": "epfid2d5_84",
  "ImageType": [
    "ORIGINAL",
    "PRIMARY",
    "M",
    "TE5",
    "ND",
    "NORM",
    "MOSAIC"
  ],
  "SeriesNumber": 5,
  "AcquisitionTime": "10:43:33.075000",
  "AcquisitionNumber": 1,
  "ImageComments": "Single-band_reference_SENSE1",
  "SliceThickness": 2,
  "SpacingBetweenSlices": 2,
  "SAR": 0.0581864,
  "EchoNumber": 5,
  "EchoTime": 0.07972,
  "RepetitionTime": 2,
  "FlipAngle": 70,
  "PartialFourier": 0.75,
  "BaseResolution": 84,
  "ShimSetting": [
    859,
    -7222,
    -4770,
    327,
    29,
    89,
    -40,
    -10
  ],
  "TxRefAmp": 233.208,
  "PhaseResolution": 1,
  "ReceiveCoilName": "HeadNeck_64",
  "ReceiveCoilActiveElements": "HC1-7;NC1,2",
  "CoilString": "HC1-7;NC1_2",
  "PulseSequenceDetails": "%CustomerSeq%_cmrr_mbep2d_bold",
  "WipMemBlock": "c0e0cc2a-84da-4973-9ec6-634bd6abd833||Sequence: R016 ve11c/master r/e634e98; Dec 19 2017 11:00:25 by eja",
  "ConsistencyInfo": "N4_VE11C_LATEST_20160120",
  "PercentPhaseFOV": 100,
  "EchoTrainLength": 31,
  "PhaseEncodingSteps": 62,
  "AcquisitionMatrixPE": 84,
  "ReconMatrixPE": 84,
  "BandwidthPerPixelPhaseEncode": 45.788,
  "ParallelReductionFactorInPlane": 2,
  "EffectiveEchoSpacing": 0.000259997,
  "DerivedVendorReportedEchoSpacing": 0.000519995,
  "TotalReadoutTime": 0.0215798,
  "PixelBandwidth": 2480,
  "DwellTime": 2.4e-06,
  "PhaseEncodingDirection": "j-",
  "SliceTiming": [
    0,
    0.11,
    0.22,
    0.33,
    0.44,
    0.55,
    0.66,
    0.77,
    0.88,
    0.99,
    1.1,
    1.21,
    1.32,
    1.43,
    1.54,
    1.65,
    1.76,
    1.87,
    1.98,
    2.09,
    2.2,
    2.31,
    2.42,
    2.53,
    2.64,
    2.75,
    2.86,
    2.97,
    3.08,
    3.19,
    3.3,
    3.41,
    3.52,
    3.63,
    3.74,
    3.85,
    3.96,
    4.07,
    4.18,
    4.29,
    4.4,
    4.51,
    4.62,
    4.73,
    4.84,
    4.95,
    5.06,
    5.17,
    5.28,
    5.39,
    5.5,
    5.61,
    5.72,
    5.83,
    5.94,
    6.05,
    6.16,
    6.27,
    6.38,
    6.49,
    6.6,
    6.71,
    6.82,
    6.93,
    7.04,
    7.15,
    7.26,
    7.37,
    7.48,
    7.59,
    7.7,
    7.81
  ],
  "ImageOrientationPatientDICOM": [
    0.998766,
    0.0460558,
    0.0185951,
    -0.0439564,
    0.993935,
    -0.100799
  ],
  "InPlanePhaseEncodingDirectionDICOM": "COL",
  "ConversionSoftware": "dcm2niix",
  "ConversionSoftwareVersion": "v1.0.20181125  Clang8.1.0",
  "TaskName": "hand grasp"
}
