{
  "Modality": "MR",
  "MagneticFieldStrength": 3,
  "ImagingFrequency": 123.261,
  "Manufacturer": "Siemens",
  "ManufacturersModelName": "Prisma_fit",
  "InstitutionName": "NU_Tarpon",
  "InstitutionalDepartmentName": "RESEARCH",
  "InstitutionAddress": "ST._CLAIR_715_CHICAGO_CHICAGO_US_60611",
  "DeviceSerialNumber": "167018",
  "StationName": "MRC35013",
  "BodyPartExamined": "BRAIN",
  "PatientPosition": "HFS",
  "ProcedureStepDescription": "BRIGHT_PILOTS",
  "SoftwareVersions": "syngo_MR_E11",
  "MRAcquisitionType": "2D",
  "SeriesDescription": "Motor_144mm_2000TR_MB4_ME5_2slice_SBRef",
  "ProtocolName": "Motor_144mm_2000TR_MB4_ME5_2slice",
  "ScanningSequence": "EP",
  "SequenceVariant": "SK_SS",
  "ScanOptions": "PFP_FS_EXT",
  "SequenceName": "epfid2d5_84",
  "ImageType": [
    "ORIGINAL",
    "PRIMARY",
    "M",
    "TE1",
    "ND",
    "NORM",
    "MOSAIC"
  ],
  "SeriesNumber": 5,
  "AcquisitionTime": "10:43:33.007500",
  "AcquisitionNumber": 1,
  "ImageComments": "Single-band_reference_SENSE1",
  "SliceThickness": 2,
  "SpacingBetweenSlices": 2,
  "SAR": 0.0581864,
  "EchoNumber": 1,
  "EchoTime": 0.0108,
  "RepetitionTime": 2,
  "FlipAngle": 70,
  "PartialFourier": 0.75,
  "BaseResolution": 84,
  "ShimSetting": [
    859,
    -7222,
    -4770,
    327,
    29,
    89,
    -40,
    -10
  ],
  "TxRefAmp": 233.208,
  "PhaseResolution": 1,
  "ReceiveCoilName": "HeadNeck_64",
  "ReceiveCoilActiveElements": "HC1-7;NC1,2",
  "CoilString": "HC1-7;NC1_2",
  "PulseSequenceDetails": "%CustomerSeq%_cmrr_mbep2d_bold",
  "WipMemBlock": "c0e0cc2a-84da-4973-9ec6-634bd6abd833||Sequence: R016 ve11c/master r/e634e98; Dec 19 2017 11:00:25 by eja",
  "ConsistencyInfo": "N4_VE11C_LATEST_20160120",
  "PercentPhaseFOV": 100,
  "EchoTrainLength": 31,
  "PhaseEncodingSteps": 62,
  "AcquisitionMatrixPE": 84,
  "ReconMatrixPE": 84,
  "BandwidthPerPixelPhaseEncode": 45.788,
  "ParallelReductionFactorInPlane": 2,
  "EffectiveEchoSpacing": 0.000259997,
  "DerivedVendorReportedEchoSpacing": 0.000519995,
  "TotalReadoutTime": 0.0215798,
  "PixelBandwidth": 2480,
  "DwellTime": 2.4e-06,
  "PhaseEncodingDirection": "j-",
  "SliceTiming": [
    0,
    0.11,
    0.22,
    0.33,
    0.44,
    0.55,
    0.66,
    0.77,
    0.88,
    0.99,
    1.1,
    1.21,
    1.32,
    1.43,
    1.54,
    1.65,
    1.76,
    1.87,
    1.98,
    2.09,
    2.2,
    2.3075,
    2.4175,
    2.5275,
    2.6375,
    2.7475,
    2.8575,
    2.9675,
    3.0775,
    3.1875,
    3.2975,
    3.4075,
    3.5175,
    3.6275,
    3.7375,
    3.8475,
    3.9575,
    4.0675,
    4.1775,
    4.2875,
    4.3975,
    4.5075,
    4.6175,
    4.7275,
    4.8375,
    4.9475,
    5.0575,
    5.1675,
    5.2775,
    5.3875,
    5.4975,
    5.6075,
    5.7175,
    5.8275,
    5.9375,
    6.0475,
    6.1575,
    6.2675,
    6.3775,
    6.4875,
    6.5975,
    6.7075,
    6.8175,
    6.9275,
    7.0375,
    7.1475,
    7.2575,
    7.3675,
    7.4775,
    7.5875,
    7.6975,
    7.8075
  ],
  "ImageOrientationPatientDICOM": [
    0.998766,
    0.0460558,
    0.0185951,
    -0.0439564,
    0.993935,
    -0.100799
  ],
  "InPlanePhaseEncodingDirectionDICOM": "COL",
  "ConversionSoftware": "dcm2niix",
  "ConversionSoftwareVersion": "v1.0.20181125  Clang8.1.0",
  "TaskName": "hand grasp"
}
