{
  "Modality": "MR",
  "MagneticFieldStrength": 3,
  "ImagingFrequency": 123.261,
  "Manufacturer": "Siemens",
  "ManufacturersModelName": "Prisma_fit",
  "InstitutionName": "NU_Tarpon",
  "InstitutionalDepartmentName": "RESEARCH",
  "InstitutionAddress": "ST._CLAIR_715_CHICAGO_CHICAGO_US_60611",
  "DeviceSerialNumber": "167018",
  "StationName": "MRC35013",
  "BodyPartExamined": "BRAIN",
  "PatientPosition": "HFS",
  "ProcedureStepDescription": "BRIGHT_PILOTS",
  "SoftwareVersions": "syngo_MR_E11",
  "MRAcquisitionType": "2D",
  "SeriesDescription": "Motor_144mm_2000TR_MB4_ME5_2slice_SBRef",
  "ProtocolName": "Motor_144mm_2000TR_MB4_ME5_2slice",
  "ScanningSequence": "EP",
  "SequenceVariant": "SK_SS",
  "ScanOptions": "PFP_FS_EXT",
  "SequenceName": "epfid2d5_84",
  "ImageType": [
    "ORIGINAL",
    "PRIMARY",
    "M",
    "TE4",
    "ND",
    "NORM",
    "MOSAIC"
  ],
  "SeriesNumber": 12,
  "AcquisitionTime": "14:07:43.192500",
  "AcquisitionNumber": 1,
  "ImageComments": "Single-band_reference_SENSE1",
  "SliceThickness": 2,
  "SpacingBetweenSlices": 2,
  "SAR": 0.0658353,
  "EchoNumber": 4,
  "EchoTime": 0.06249,
  "RepetitionTime": 2,
  "FlipAngle": 70,
  "PartialFourier": 0.75,
  "BaseResolution": 84,
  "ShimSetting": [
    851,
    -7282,
    -4827,
    459,
    24,
    -402,
    -97,
    -66
  ],
  "TxRefAmp": 228.659,
  "PhaseResolution": 1,
  "ReceiveCoilName": "HeadNeck_64",
  "ReceiveCoilActiveElements": "HC1-7;NC1,2",
  "CoilString": "HC1-7;NC1_2",
  "PulseSequenceDetails": "%CustomerSeq%_cmrr_mbep2d_bold",
  "WipMemBlock": "ac1331b9-50fc-4ba4-b287-6bbf546d43db||Sequence: R016 ve11c/master r/e634e98; Dec 19 2017 11:00:25 by eja",
  "ConsistencyInfo": "N4_VE11C_LATEST_20160120",
  "PercentPhaseFOV": 100,
  "EchoTrainLength": 31,
  "PhaseEncodingSteps": 62,
  "AcquisitionMatrixPE": 84,
  "ReconMatrixPE": 84,
  "BandwidthPerPixelPhaseEncode": 45.788,
  "ParallelReductionFactorInPlane": 2,
  "EffectiveEchoSpacing": 0.000259997,
  "DerivedVendorReportedEchoSpacing": 0.000519995,
  "TotalReadoutTime": 0.0215798,
  "PixelBandwidth": 2480,
  "DwellTime": 2.4e-06,
  "PhaseEncodingDirection": "j-",
  "SliceTiming": [
    0,
    0.11,
    0.22,
    0.33,
    0.44,
    0.55,
    0.66,
    0.77,
    0.88,
    0.99,
    1.1,
    1.21,
    1.32,
    1.43,
    1.54,
    1.65,
    1.76,
    1.87,
    1.98,
    2.09,
    2.2,
    2.31,
    2.42,
    2.53,
    2.64,
    2.75,
    2.86,
    2.97,
    3.08,
    3.19,
    3.3,
    3.41,
    3.52,
    3.63,
    3.74,
    3.85,
    3.96,
    4.07,
    4.18,
    4.29,
    4.4,
    4.51,
    4.6175,
    4.7275,
    4.8375,
    4.9475,
    5.0575,
    5.1675,
    5.2775,
    5.3875,
    5.4975,
    5.6075,
    5.7175,
    5.8275,
    5.9375,
    6.0475,
    6.1575,
    6.2675,
    6.3775,
    6.4875,
    6.5975,
    6.7075,
    6.8175,
    6.9275,
    7.0375,
    7.1475,
    7.2575,
    7.3675,
    7.4775,
    7.5875,
    7.6975,
    7.8075
  ],
  "ImageOrientationPatientDICOM": [
    0.995435,
    -0.0144698,
    0.0943405,
    0.0241541,
    0.994457,
    -0.102334
  ],
  "InPlanePhaseEncodingDirectionDICOM": "COL",
  "ConversionSoftware": "dcm2niix",
  "ConversionSoftwareVersion": "v1.0.20181125  Clang8.1.0",
  "TaskName": "hand grasp"
}
